GEM
  remote: http://gems.rubyforge.org/
  specs:
    haml (3.1.1)
    mime-types (1.16)
    nokogiri (1.4.4)
    rack (1.2.2)
    rest-client (1.6.1)
      mime-types (>= 1.16)
    shotgun (0.9)
      rack (>= 1.0)
    sinatra (1.2.6)
      rack (~> 1.1)
      tilt (>= 1.2.2, < 2.0)
    tilt (1.3)

PLATFORMS
  ruby

DEPENDENCIES
  haml
  nokogiri
  rest-client
  shotgun
  sinatra (= 1.2.6)
